GEM
  remote: https://rubygems.org/
  specs:
    av (0.9.0)
      cocaine (~> 0.5.3)
    aviglitch (0.1.5)
    climate_control (0.2.0)
    cocaine (0.5.8)
      climate_control (>= 0.0.3, < 1.0)
    moshy (1.0.2)
      av
      aviglitch
      slop (~> 4.2.1)
    slop (4.2.1)

PLATFORMS
  ruby

DEPENDENCIES
  moshy

BUNDLED WITH
   1.16.1
